GEM
  remote: https://rubygems.org/
  specs:
    activesupport (3.2.17)
      i18n (~> 0.6, >= 0.6.4)
      multi_json (~> 1.0)
    afmotion (2.1.2)
      motion-cocoapods (~> 1.4.0)
      motion-require (>= 0.1)
    bubble-wrap (1.5.0)
    celluloid (0.15.2)
      timers (~> 1.1.0)
    celluloid-io (0.15.0)
      celluloid (>= 0.15.0)
      nio4r (>= 0.5.0)
    claide (0.5.0)
    cocoapods (0.32.1)
      activesupport (>= 3.2.15, < 4)
      claide (~> 0.5.0)
      cocoapods-core (= 0.32.1)
      cocoapods-downloader (~> 0.5.0)
      cocoapods-try (~> 0.2.0)
      colored (~> 1.2)
      escape (~> 0.0.4)
      json_pure (~> 1.8)
      nap (~> 0.7)
      open4 (~> 1.3)
      xcodeproj (~> 0.16.1)
    cocoapods-core (0.32.1)
      activesupport (>= 3.2.15, < 4)
      fuzzy_match (~> 2.0.4)
      json_pure (~> 1.8)
      nap (~> 0.5)
    cocoapods-downloader (0.5.0)
    cocoapods-try (0.2.0)
    coderay (1.1.0)
    colored (1.2)
    escape (0.0.4)
    ffi (1.9.3)
    formatador (0.2.4)
    formotion (1.3)
      bubble-wrap (>= 1.1.4)
    fuzzy_match (2.0.4)
    guard (2.5.1)
      formatador (>= 0.2.4)
      listen (~> 2.6)
      lumberjack (~> 1.0)
      pry (>= 0.9.12)
      thor (>= 0.18.1)
    guard-motion (0.1.2)
      guard (>= 1.1.0)
      rake (>= 0.9)
    i18n (0.6.9)
    json_pure (1.8.1)
    listen (2.7.1)
      celluloid (>= 0.15.2)
      celluloid-io (>= 0.15.0)
      rb-fsevent (>= 0.9.3)
      rb-inotify (>= 0.9)
    lumberjack (1.0.4)
    method_source (0.8.2)
    motion-cocoapods (1.4.1)
      cocoapods (>= 0.32.1)
    motion-require (0.2.0)
    motion-stump (0.3.0)
    motion-support (0.2.6)
      motion-require (>= 0.0.6)
    motion_model (0.5.1)
      bubble-wrap (>= 1.3.0)
      motion-support (>= 0.1.0)
    multi_json (1.9.2)
    nap (0.7.0)
    nio4r (1.0.0)
    open4 (1.3.3)
    pry (0.9.12.6)
      coderay (~> 1.0)
      method_source (~> 0.8)
      slop (~> 3.4)
    rake (10.2.2)
    rb-fsevent (0.9.4)
    rb-inotify (0.9.3)
      ffi (>= 0.5.0)
    slop (3.5.0)
    sugarcube (1.5.4)
    thor (0.18.1)
    timers (1.1.0)
    webstub (1.0.1)
    xcodeproj (0.16.1)
      activesupport (~> 3.0)
      colored (~> 1.2)

PLATFORMS
  ruby

DEPENDENCIES
  afmotion
  bubble-wrap
  formotion
  guard-motion
  motion-cocoapods
  motion-stump
  motion_model
  rake
  rb-fsevent
  sugarcube
  webstub
